IMPORT-TARGETS: FALSE
RESTRICTION: == net452
NUGET
  remote: http://api.nuget.org/v3/index.json
    FSharp.Core (4.0.0.1)
    FSharp.Data (2.3.2)
    Suave (1.1.3)
      FSharp.Core (>= 3.1.2.5)
